PATH
  remote: .
  specs:
    rufus-runner (0.0.3)
      eventmachine
      rufus-scheduler (~> 3.1)

GEM
  remote: https://rubygems.org/
  specs:
    coderay (1.1.0)
    diff-lcs (1.2.5)
    eventmachine (1.0.8)
    ffi (1.9.10)
    method_source (0.8.2)
    pry (0.9.12.6)
      coderay (~> 1.0)
      method_source (~> 0.8)
      slop (~> 3.4)
    pry-nav (0.2.3)
      pry (~> 0.9.10)
    rake (10.1.1)
    rb-fchange (0.0.6)
      ffi
    rb-fsevent (0.9.5)
    rb-inotify (0.9.5)
      ffi (>= 0.5.0)
    rspec (2.14.1)
      rspec-core (~> 2.14.0)
      rspec-expectations (~> 2.14.0)
      rspec-mocks (~> 2.14.0)
    rspec-core (2.14.8)
    rspec-expectations (2.14.5)
      diff-lcs (>= 1.1.3, < 2.0)
    rspec-instafail (0.3.0)
      rspec
    rspec-mocks (2.14.6)
    rufus-scheduler (3.1.3)
    slop (3.4.7)
    terminal-notifier-guard (1.6.4)

PLATFORMS
  ruby

DEPENDENCIES
  pry
  pry-nav
  rake
  rb-fchange
  rb-fsevent
  rb-inotify
  rspec (~> 2)
  rspec-instafail
  rufus-runner!
  terminal-notifier-guard

BUNDLED WITH
   1.10.6
